GEM
  remote: https://rubygems.org/
  specs:
    daemons (1.3.1)
    ddtrace (0.40.0)
      msgpack
    eventmachine (1.2.7)
    msgpack (1.3.3)
    oj (3.10.14)
    rack (2.2.3)
    redis (4.2.2)
    roda (3.36.0)
      rack
    roda-http-auth (0.2.0)
      roda (>= 2.0, < 4.0)
    thin (1.7.2)
      daemons (~> 1.0, >= 1.0.9)
      eventmachine (~> 1.0, >= 1.0.4)
      rack (>= 1, < 3)

PLATFORMS
  ruby

DEPENDENCIES
  ddtrace
  oj
  redis
  roda
  roda-http-auth
  thin

BUNDLED WITH
   2.1.4
