GEM
  remote: https://rubygems.org/
  specs:
    byebug (11.1.3)
    daemons (1.3.1)
    eventmachine (1.2.7)
    oj (3.10.6)
    rack (2.2.3)
    redis (4.2.1)
    roda (3.33.0)
      rack
    thin (1.7.2)
      daemons (~> 1.0, >= 1.0.9)
      eventmachine (~> 1.0, >= 1.0.4)
      rack (>= 1, < 3)

PLATFORMS
  ruby

DEPENDENCIES
  byebug
  oj
  redis
  roda
  thin

BUNDLED WITH
   2.1.4
